GEM
  remote: https://rubygems.org/
  specs:
    autotest-fsevent (0.2.8)
      sys-uname
    autotest-standalone (4.5.11)
    chunky_png (1.2.8)
    compass (0.12.2)
      chunky_png (~> 1.2)
      fssm (>= 0.2.7)
      sass (~> 3.1)
    daemons (1.1.9)
    diff-lcs (1.2.4)
    eventmachine (1.0.3)
    ffi (1.9.0)
    fssm (0.2.10)
    rack (1.5.2)
    rack-protection (1.5.0)
      rack
    rack-test (0.6.2)
      rack (>= 1.0)
    rdiscount (2.1.6)
    rspec (2.14.1)
      rspec-core (~> 2.14.0)
      rspec-expectations (~> 2.14.0)
      rspec-mocks (~> 2.14.0)
    rspec-core (2.14.4)
    rspec-expectations (2.14.1)
      diff-lcs (>= 1.1.3, < 2.0)
    rspec-mocks (2.14.3)
    sass (3.2.10)
    shotgun (0.9)
      rack (>= 1.0)
    sinatra (1.4.2)
      rack (~> 1.5, >= 1.5.2)
      rack-protection (~> 1.4)
      tilt (~> 1.3, >= 1.3.4)
    sys-uname (0.9.2)
      ffi (>= 1.0.0)
    thin (1.5.1)
      daemons (>= 1.0.9)
      eventmachine (>= 0.12.6)
      rack (>= 1.0.0)
    tilt (1.4.1)

PLATFORMS
  ruby

DEPENDENCIES
  autotest-fsevent
  autotest-standalone
  compass
  rack
  rack-test
  rdiscount
  rspec
  shotgun
  sinatra
  thin
